PATH
  remote: .
  specs:
    rfitsio (0.1.0)

GEM
  remote: https://rubygems.org/
  specs:
    ffi (1.14.2)
    minitest (5.14.3)
    rake (13.0.3)

PLATFORMS
  x86_64-cygwin

DEPENDENCIES
  ffi (~> 1.14)
  minitest (~> 5.0)
  rake (~> 13.0)
  rfitsio!

BUNDLED WITH
   2.2.10
